GEM
  remote: https://rubygems.org/
  specs:
    activemodel (6.0.3.4)
      activesupport (= 6.0.3.4)
    activerecord (6.0.3.4)
      activemodel (= 6.0.3.4)
      activesupport (= 6.0.3.4)
    activesupport (6.0.3.4)
      concurrent-ruby (~> 1.0, >= 1.0.2)
      i18n (>= 0.7, < 2)
      minitest (~> 5.1)
      tzinfo (~> 1.1)
      zeitwerk (~> 2.2, >= 2.2.2)
    concurrent-ruby (1.1.8)
    diff-lcs (1.4.4)
    extlib (0.9.16)
    faker (2.15.1)
      i18n (>= 1.6, < 2)
    haml (5.2.1)
      temple (>= 0.8.0)
      tilt
    highline (2.0.3)
    i18n (1.8.7)
      concurrent-ruby (~> 1.0)
    minitest (5.14.3)
    mustermann (1.1.1)
      ruby2_keywords (~> 0.0.1)
    nio4r (2.5.4)
    pg (1.2.3)
    prometheus-client (2.1.0)
    puma (5.1.1)
      nio4r (~> 2.0)
    puma-metrics (1.2.0)
      prometheus-client (>= 0.10)
      puma (>= 3.0)
    rack (2.2.3)
    rack-protection (2.1.0)
      rack
    rake (13.0.3)
    rspec-sinatra (0.1.2)
      templater (>= 1.0.0)
    ruby2_keywords (0.0.4)
    sinatra (2.1.0)
      mustermann (~> 1.0)
      rack (~> 2.2)
      rack-protection (= 2.1.0)
      tilt (~> 2.0)
    sinatra-activerecord (2.0.22)
      activerecord (>= 4.1)
      sinatra (>= 1.0)
    sqlite3 (1.4.2)
    templater (1.0.0)
      diff-lcs (>= 1.1.2)
      extlib (>= 0.9.5)
      highline (>= 1.4.0)
    temple (0.8.2)
    thread_safe (0.3.6)
    tilt (2.0.10)
    tzinfo (1.2.9)
      thread_safe (~> 0.1)
    zeitwerk (2.4.2)

PLATFORMS
  x86_64-linux

DEPENDENCIES
  activerecord (= 6.0.3.4)
  faker
  haml
  pg
  puma
  puma-metrics
  rake
  rspec-sinatra
  sinatra
  sinatra-activerecord
  sqlite3

RUBY VERSION
   ruby 3.0.0p0

BUNDLED WITH
   2.2.3
